GEM
  remote: https://rubygems.org/
  remote: https://gems.cloud.bbc.co.uk/
  specs:
    activesupport (3.2.21)
      i18n (~> 0.6, >= 0.6.4)
      multi_json (~> 1.0)
    bbc-cucumber-steps (1.0.0)
      bbc-helpers
      bbc-navigator
    bbc-helpers (1.1.7)
    bbc-navigator (1.1.20)
      activesupport (~> 3.2)
      mechanize
    builder (3.2.2)
    delayed_job (4.0.6)
      activesupport (>= 3.0, < 5.0)
    domain_name (0.5.23)
      unf (>= 0.0.5, < 1.0.0)
    erubis (2.7.0)
    http-cookie (1.0.2)
      domain_name (~> 0.5)
    i18n (0.7.0)
    json (1.8.1)
    mechanize (2.7.3)
      domain_name (~> 0.5, >= 0.5.1)
      http-cookie (~> 1.0)
      mime-types (~> 2.0)
      net-http-digest_auth (~> 1.1, >= 1.1.1)
      net-http-persistent (~> 2.5, >= 2.5.2)
      nokogiri (~> 1.4)
      ntlm-http (~> 0.1, >= 0.1.1)
      webrobots (>= 0.0.9, < 0.2)
    mime-types (2.4.3)
    mini_portile (0.6.2)
    multi_json (1.10.1)
    net-http-digest_auth (1.4)
    net-http-persistent (2.9.4)
    nokogiri (1.6.5)
      mini_portile (~> 0.6.0)
    ntlm-http (0.1.1)
    pips (1.4.50)
      activesupport
      bbc-cucumber-steps (>= 0.14.0)
      bbc-navigator (>= 1.1.18)
      builder
      delayed_job
      erubis
      json
      rake
      retriable
    rake (10.4.2)
    retriable (1.4.1)
    unf (0.1.4)
      unf_ext
    unf_ext (0.0.6)
    webrobots (0.1.1)

PLATFORMS
  ruby

DEPENDENCIES
  pips
